GIT
  remote: git://github.com/celluloid/celluloid.git
  revision: f5edcf9c1130d9dccbb6873e93c845ecbc8a5863
  specs:
    celluloid (0.16.0.pre)
      timers (~> 2.0.0)

GIT
  remote: git://github.com/pry/pry.git
  revision: f8dc3ed53e905b785b763b51d92053c44474e9f8
  branch: master
  specs:
    pry (0.10.0.pre)
      coderay (~> 1.1.0)
      method_source (~> 0.8)
      slop (~> 3.4)

GEM
  remote: https://rubygems.org/
  specs:
    coderay (1.1.0)
    hitimes (1.2.1)
    method_source (0.8.2)
    slop (3.5.0)
    timers (2.0.0)
      hitimes
    xray (1.1)

PLATFORMS
  ruby

DEPENDENCIES
  celluloid!
  pry!
  xray
